GEM
  remote: http://rubygems.org/
  specs:
    actionpack (2.3.8)
      activesupport (= 2.3.8)
      rack (~> 1.1.0)
    activesupport (2.3.8)
    bson (1.0.4)
    bson_ext (1.0.4)
    durran-validatable (2.0.1)
    gemcutter (0.6.1)
    git (1.2.5)
    jeweler (1.4.0)
      gemcutter (>= 0.1.0)
      git (>= 1.2.5)
      rubyforge (>= 2.0.0)
    json_pure (1.4.6)
    mongo (1.0.4)
      bson (= 1.0.4)
    mongoid (1.9.1)
      activesupport (<= 3.0.0)
      bson (~> 1.0.1)
      durran-validatable (>= 2.0.1)
      mongo (~> 1.0.1)
      will_paginate (< 2.9)
    rack (1.1.0)
    rake (0.8.7)
    redgreen (1.2.2)
    rubyforge (2.0.4)
      json_pure (>= 1.1.7)
    sqlite3-ruby (1.3.1)
    will_paginate (2.3.14)

PLATFORMS
  ruby

DEPENDENCIES
  actionpack
  activesupport
  bson_ext (= 1.0.4)
  jeweler
  mongo (= 1.0.4)
  mongoid
  rake
  redgreen
  sqlite3-ruby
